GIT
  remote: git://github.com/ctran/annotate_models.git
  revision: 038b13c04e575cc0f0c89c702c994166c7dc9955
  specs:
    annotate (2.6.5)
      activerecord (>= 2.3.0)
      rake (>= 0.8.7)

GIT
  remote: git://github.com/voxdolo/decent_exposure.git
  revision: d7736dfe7bfc135c23d3e9844986339bd2df1505
  specs:
    decent_exposure (2.3.2)

GIT
  remote: https://github.com/cucumber/cucumber-rails.git
  revision: 2af9160cb18a1e50d95c1957700635ee5027289a
  specs:
    cucumber-rails (1.4.2)
      capybara (>= 1.1.2, < 3)
      cucumber (>= 1.3.8, < 2)
      mime-types (>= 1.16, < 3)
      nokogiri (~> 1.5)
      rails (>= 3, < 5)

GEM
  remote: https://rubygems.org/
  specs:
    actionmailer (4.1.7)
      actionpack (= 4.1.7)
      actionview (= 4.1.7)
      mail (~> 2.5, >= 2.5.4)
    actionpack (4.1.7)
      actionview (= 4.1.7)
      activesupport (= 4.1.7)
      rack (~> 1.5.2)
      rack-test (~> 0.6.2)
    actionview (4.1.7)
      activesupport (= 4.1.7)
      builder (~> 3.1)
      erubis (~> 2.7.0)
    active_model_serializers (0.9.0)
      activemodel (>= 3.2)
    activemodel (4.1.7)
      activesupport (= 4.1.7)
      builder (~> 3.1)
    activerecord (4.1.7)
      activemodel (= 4.1.7)
      activesupport (= 4.1.7)
      arel (~> 5.0.0)
    activesupport (4.1.7)
      i18n (~> 0.6, >= 0.6.9)
      json (~> 1.7, >= 1.7.7)
      minitest (~> 5.1)
      thread_safe (~> 0.1)
      tzinfo (~> 1.1)
    addressable (2.3.6)
    arel (5.0.1.20140414130214)
<<<<<<< HEAD
=======
    attr_encrypted (1.3.3)
      encryptor (>= 1.3.0)
    awesome_print (1.2.0)
>>>>>>> 0c165edd1aa1cdf7fb3fae1d816bd729a1636996
    bcrypt (3.1.9)
    bcrypt (3.1.9-x86-mingw32)
    better_errors (2.0.0)
      coderay (>= 1.0.0)
      erubis (>= 2.6.6)
      rack (>= 0.9.0)
    binding_of_caller (0.7.2)
      debug_inspector (>= 0.0.1)
<<<<<<< HEAD
    bootstrap-sass (3.3.0.1)
      sass (~> 3.2)
=======
    browser (0.7.1)
>>>>>>> 0c165edd1aa1cdf7fb3fae1d816bd729a1636996
    builder (3.2.2)
    capybara (2.4.4)
      mime-types (>= 1.16)
      nokogiri (>= 1.3.3)
      rack (>= 1.0.0)
      rack-test (>= 0.5.4)
      xpath (~> 2.0)
    childprocess (0.5.5)
      ffi (~> 1.0, >= 1.0.11)
    coderay (1.1.0)
    coffee-rails (4.0.1)
      coffee-script (>= 2.2.0)
      railties (>= 4.0.0, < 5.0)
    coffee-script (2.3.0)
      coffee-script-source
      execjs
    coffee-script-source (1.8.0)
<<<<<<< HEAD
=======
    columnize (0.8.9)
    countries (0.9.3)
      currencies (~> 0.4.2)
>>>>>>> 0c165edd1aa1cdf7fb3fae1d816bd729a1636996
    cucumber (1.3.17)
      builder (>= 2.1.2)
      diff-lcs (>= 1.1.3)
      gherkin (~> 2.12)
      multi_json (>= 1.7.5, < 2.0)
      multi_test (>= 0.1.1)
<<<<<<< HEAD
    daemons (1.1.9)
=======
    currencies (0.4.2)
>>>>>>> 0c165edd1aa1cdf7fb3fae1d816bd729a1636996
    database_cleaner (1.3.0)
    debug_inspector (0.0.2)
    devise (3.4.1)
      bcrypt (~> 3.0)
      orm_adapter (~> 0.1)
      railties (>= 3.2.6, < 5)
      responders
      thread_safe (~> 0.1)
      warden (~> 1.2.3)
    diff-lcs (1.2.5)
    dotenv (0.11.1)
      dotenv-deployment (~> 0.0.2)
    dotenv-deployment (0.0.2)
    easy_translate (0.5.0)
      json
      thread
      thread_safe
    email_spec (1.6.0)
      launchy (~> 2.1)
      mail (~> 2.2)
    erubis (2.7.0)
<<<<<<< HEAD
    eventmachine (1.0.3)
    eventmachine (1.0.3-x86-mingw32)
=======
    excon (0.13.4)
>>>>>>> 0c165edd1aa1cdf7fb3fae1d816bd729a1636996
    execjs (2.2.2)
    factory_girl (4.5.0)
      activesupport (>= 3.0.0)
    factory_girl_rails (4.5.0)
      factory_girl (~> 4.5.0)
      railties (>= 3.0.0)
    ffi (1.9.6)
    fog (1.3.1)
      builder
      excon (~> 0.13.0)
      formatador (~> 0.2.0)
      mime-types
      multi_json (~> 1.0)
      net-scp (~> 1.0.4)
      net-ssh (>= 2.1.3)
      nokogiri (~> 1.5.0)
      ruby-hmac
    foreman (0.75.0)
      dotenv (~> 0.11.1)
      thor (~> 0.19.1)
    formatador (0.2.5)
    gem-open (0.1.7)
    gherkin (2.12.2)
      multi_json (~> 1.3)
    haml (4.0.5)
      tilt
    highline (1.6.21)
    hike (1.2.3)
    i18n (0.6.11)
<<<<<<< HEAD
    jbuilder (1.5.3)
      activesupport (>= 3.0.0)
      multi_json (>= 1.2.0)
=======
    i18n-tasks (0.2.22)
      activesupport
      easy_translate (>= 0.4.0)
      erubis
      highline
      rake
      term-ansicolor
      terminal-table
    jbuilder (2.2.4)
      activesupport (>= 3.0.0, < 5)
      multi_json (~> 1.2)
>>>>>>> 0c165edd1aa1cdf7fb3fae1d816bd729a1636996
    jquery-rails (3.1.2)
      railties (>= 3.0, < 5.0)
      thor (>= 0.14, < 2.0)
    json (1.8.1)
    launchy (2.4.3)
      addressable (~> 2.3)
    letter_opener (1.2.0)
      launchy (~> 2.2)
    libv8 (3.16.14.7)
    mail (2.6.3)
      mime-types (>= 1.16, < 3)
    method_source (0.8.2)
    mime-types (2.4.3)
    minitest (5.4.2)
    multi_json (1.10.1)
    multi_test (0.1.1)
    net-scp (1.0.4)
      net-ssh (>= 1.99.1)
    net-ssh (2.9.1)
    nokogiri (1.5.11)
    orm_adapter (0.5.0)
<<<<<<< HEAD
    pg (0.17.1)
    pg (0.17.1-x86-mingw32)
=======
    phony (2.7.1)
    phony_rails (0.8.0)
      activesupport (>= 3.0)
      countries (>= 0.8.2)
      phony (~> 2.7.1)
>>>>>>> 0c165edd1aa1cdf7fb3fae1d816bd729a1636996
    populator (1.0.0)
    pry (0.10.1)
      coderay (~> 1.1.0)
      method_source (~> 0.8.1)
      slop (~> 3.4)
    pry-rails (0.3.2)
      pry (>= 0.9.10)
    rack (1.5.2)
    rack-test (0.6.2)
      rack (>= 1.0)
    railroady (1.2.0)
    rails (4.1.7)
      actionmailer (= 4.1.7)
      actionpack (= 4.1.7)
      actionview (= 4.1.7)
      activemodel (= 4.1.7)
      activerecord (= 4.1.7)
      activesupport (= 4.1.7)
      bundler (>= 1.3.0, < 2.0)
      railties (= 4.1.7)
      sprockets-rails (~> 2.0)
    rails_12factor (0.0.3)
      rails_serve_static_assets
      rails_stdout_logging
    rails_serve_static_assets (0.0.2)
    rails_stdout_logging (0.0.3)
    railties (4.1.7)
      actionpack (= 4.1.7)
      activesupport (= 4.1.7)
      rake (>= 0.8.7)
      thor (>= 0.18.1, < 2.0)
    rake (10.3.2)
    rdoc (4.1.2)
      json (~> 1.4)
<<<<<<< HEAD
    ref (1.0.5)
    responders (1.1.1)
=======
    responders (1.1.2)
>>>>>>> 0c165edd1aa1cdf7fb3fae1d816bd729a1636996
      railties (>= 3.2, < 4.2)
    rspec-collection_matchers (1.0.0)
      rspec-expectations (>= 2.99.0.beta1)
    rspec-core (2.99.2)
    rspec-expectations (2.99.2)
      diff-lcs (>= 1.1.3, < 2.0)
    rspec-mocks (2.99.2)
    rspec-rails (2.99.0)
      actionpack (>= 3.0)
      activemodel (>= 3.0)
      activesupport (>= 3.0)
      railties (>= 3.0)
      rspec-collection_matchers
      rspec-core (~> 2.99.0)
      rspec-expectations (~> 2.99.0)
      rspec-mocks (~> 2.99.0)
    ruby-hmac (0.4.0)
    rubyzip (1.1.6)
    sass (3.2.19)
    sass-rails (4.0.4)
      railties (>= 4.0.0, < 5.0)
      sass (~> 3.2.2)
      sprockets (~> 2.8, < 2.12)
      sprockets-rails (~> 2.0)
    sdoc (0.4.1)
      json (~> 1.7, >= 1.7.7)
      rdoc (~> 4.0)
    selenium-webdriver (2.44.0)
      childprocess (~> 0.5)
      multi_json (~> 1.0)
      rubyzip (~> 1.0)
      websocket (~> 1.0)
    slop (3.6.0)
    sprockets (2.11.3)
      hike (~> 1.2)
      multi_json (~> 1.0)
      rack (~> 1.0)
      tilt (~> 1.1, != 1.3.0)
    sprockets-rails (2.2.0)
      actionpack (>= 3.0)
      activesupport (>= 3.0)
      sprockets (>= 2.8, < 4.0)
    sqlite3 (1.3.10)
<<<<<<< HEAD
    sqlite3 (1.3.10-x86-mingw32)
    therubyracer (0.12.1)
      libv8 (~> 3.16.14.0)
      ref
    thin (1.6.3)
      daemons (~> 1.0, >= 1.0.9)
      eventmachine (~> 1.0)
      rack (~> 1.0)
=======
    term-ansicolor (1.3.0)
      tins (~> 1.0)
    terminal-table (1.4.5)
>>>>>>> 0c165edd1aa1cdf7fb3fae1d816bd729a1636996
    thor (0.19.1)
    thread (0.1.4)
    thread_safe (0.3.4)
    tilt (1.4.1)
    time_diff (0.3.0)
      activesupport
      i18n
    tins (1.3.3)
    turbolinks (2.5.1)
      coffee-rails
    tzinfo (1.2.2)
      thread_safe (~> 0.1)
    uglifier (2.5.3)
      execjs (>= 0.3.0)
      json (>= 1.8.0)
    warden (1.2.3)
      rack (>= 1.0)
    watir-webdriver (0.6.11)
      selenium-webdriver (>= 2.18.0)
    websocket (1.2.1)
    xpath (2.0.0)
      nokogiri (~> 1.3)

PLATFORMS
  ruby

DEPENDENCIES
  active_model_serializers
  annotate!
<<<<<<< HEAD
  better_errors
  binding_of_caller
  bootstrap-sass
=======
  attr_encrypted
  awesome_print
  better_errors
  binding_of_caller
  browser
>>>>>>> 0c165edd1aa1cdf7fb3fae1d816bd729a1636996
  capybara
  coffee-rails (~> 4.0.0)
  cucumber-rails!
  database_cleaner
<<<<<<< HEAD
=======
  debugger (~> 1.6.5)
  decent_exposure!
>>>>>>> 0c165edd1aa1cdf7fb3fae1d816bd729a1636996
  devise
  email_spec
  factory_girl_rails
  fog (~> 1.3.1)
  foreman
  gem-open
  haml
<<<<<<< HEAD
  jbuilder (~> 1.2)
=======
  i18n-tasks (~> 0.2.10)
  jbuilder (~> 2.0)
>>>>>>> 0c165edd1aa1cdf7fb3fae1d816bd729a1636996
  jquery-rails
  json
  launchy
  letter_opener
<<<<<<< HEAD
  pg
=======
  phony_rails
>>>>>>> 0c165edd1aa1cdf7fb3fae1d816bd729a1636996
  populator
  pry-rails
  railroady
  rails (= 4.1.7)
  rails_12factor
  rspec-rails (~> 2.0)
  sass-rails (~> 4.0.0)
  sdoc
  selenium-webdriver
  sqlite3
<<<<<<< HEAD
  therubyracer
  thin
=======
  time_diff
>>>>>>> 0c165edd1aa1cdf7fb3fae1d816bd729a1636996
  turbolinks
  tzinfo-data
  uglifier (>= 1.3.0)
  watir-webdriver
